GEM
  remote: https://rubygems.org/
  specs:
    httpclient (2.8.3)
    line-bot-api (1.9.0)

PLATFORMS
  ruby

DEPENDENCIES
  httpclient
  line-bot-api

BUNDLED WITH
   2.0.1
